GEM
  remote: https://rubygems.org/
  specs:
    rack (2.0.9.4)
    webrick (1.9.1)

PLATFORMS
  x64-mingw-ucrt

DEPENDENCIES
  rack (~> 2.0.1)
  webrick

BUNDLED WITH
   2.6.9
