GEM
  remote: https://rubygems.org/
  specs:
    rack (3.1.15)
    rackup (2.2.1)
      rack (>= 3)
    webrick (1.9.1)

PLATFORMS
  arm64-darwin-22
  ruby

DEPENDENCIES
  rackup
  webrick

BUNDLED WITH
   2.6.8
